GIT
  remote: git://github.com/sferik/rails_admin.git
  revision: 77b45592f4bbcc182294e4281147671c74a9179d
  branch: rails-3.0
  specs:
    rails_admin (0.0.1)
      builder (~> 2.1.0)
      haml (>= 3.1.0, < 3.3.0)
      rails (~> 3.0.10)

PATH
  remote: vendor/gems/oauth-plugin-0.4.0.pre4
  specs:
    oauth-plugin (0.4.0.pre4)
      oauth (>= 0.4.4)

GEM
  remote: http://rubygems.org/
  specs:
    aasm (2.2.0)
    abstract (1.0.0)
    actionmailer (3.0.10)
      actionpack (= 3.0.10)
      mail (~> 2.2.19)
    actionpack (3.0.10)
      activemodel (= 3.0.10)
      activesupport (= 3.0.10)
      builder (~> 2.1.2)
      erubis (~> 2.6.6)
      i18n (~> 0.5.0)
      rack (~> 1.2.1)
      rack-mount (~> 0.6.14)
      rack-test (~> 0.5.7)
      tzinfo (~> 0.3.23)
    activemodel (3.0.10)
      activesupport (= 3.0.10)
      builder (~> 2.1.2)
      i18n (~> 0.5.0)
    activerecord (3.0.10)
      activemodel (= 3.0.10)
      activesupport (= 3.0.10)
      arel (~> 2.0.10)
      tzinfo (~> 0.3.23)
    activeresource (3.0.10)
      activemodel (= 3.0.10)
      activesupport (= 3.0.10)
    activesupport (3.0.10)
    addressable (2.2.6)
    arel (2.0.10)
    artifice (0.6)
      rack-test
    authlogic (3.0.3)
      activerecord (>= 3.0.7)
      activerecord (>= 3.0.7)
    awesome_print (0.3.2)
    aws-s3 (0.6.2)
      builder
      mime-types
      xml-simple
    builder (2.1.2)
    cancan (1.6.5)
    capybara (1.0.1)
      mime-types (>= 1.16)
      nokogiri (>= 1.3.3)
      rack (>= 1.0.0)
      rack-test (>= 0.5.4)
      selenium-webdriver (~> 2.0)
      xpath (~> 0.1.4)
    childprocess (0.2.1)
      ffi (~> 1.0.6)
    chronic (0.6.2)
    cucumber (0.10.5)
      builder (>= 2.1.2)
      diff-lcs (>= 1.1.2)
      gherkin (~> 2.4.0)
      json (>= 1.4.6)
      term-ansicolor (>= 1.0.5)
    cucumber-rails (0.5.2)
      capybara (>= 1.0.0.rc1)
      cucumber (>= 0.10.5)
      nokogiri (>= 1.4.4)
      rack-test (>= 0.5.7)
    dalli (1.0.5)
    database_cleaner (0.6.7)
    diff-lcs (1.1.2)
    dynamic_form (1.1.4)
    erubis (2.6.6)
      abstract (>= 1.0.0)
    eventmachine (0.12.10)
    feed-normalizer (1.5.2)
      hpricot (>= 0.6)
      simple-rss (>= 1.1)
    ffi (1.0.9)
    gherkin (2.4.11)
      json (>= 1.4.6)
    guard (0.6.2)
      thor (~> 0.14.6)
    guard-spork (0.2.1)
      guard (>= 0.2.2)
      spork (>= 0.8.4)
    haml (3.1.2)
    heroku (2.4.2)
      launchy (>= 0.3.2)
      rest-client (~> 1.6.1)
      term-ansicolor (~> 1.0.5)
    hpricot (0.8.4)
    i18n (0.5.0)
    json (1.5.3)
    json_pure (1.5.3)
    launchy (2.0.5)
      addressable (~> 2.2.6)
    mail (2.2.19)
      activesupport (>= 2.3.6)
      i18n (>= 0.4.0)
      mime-types (~> 1.16)
      treetop (~> 1.4.8)
    mime-types (1.16)
    multi_json (1.0.3)
    multi_xml (0.3.0)
    nokogiri (1.5.0)
    oauth (0.4.5)
    opentransact (0.1.2)
      multi_json
      multi_xml
      oauth (~> 0.4.4)
    pg (0.11.0)
    polyglot (0.3.2)
    rack (1.2.1)
    rack-mount (0.6.14)
      rack (>= 1.0.0)
    rack-openid (1.3.1)
      rack (>= 1.1.0)
      ruby-openid (>= 2.1.8)
    rack-test (0.5.7)
      rack (>= 1.0)
    rails (3.0.10)
      actionmailer (= 3.0.10)
      actionpack (= 3.0.10)
      activerecord (= 3.0.10)
      activeresource (= 3.0.10)
      activesupport (= 3.0.10)
      bundler (~> 1.0)
      railties (= 3.0.10)
    railties (3.0.10)
      actionpack (= 3.0.10)
      activesupport (= 3.0.10)
      rake (>= 0.8.7)
      rdoc (~> 3.4)
      thor (~> 0.14.4)
    rake (0.9.2)
    rdoc (3.9.2)
    rest-client (1.6.3)
      mime-types (>= 1.16)
    rmagick (2.13.1)
    rspec (2.6.0)
      rspec-core (~> 2.6.0)
      rspec-expectations (~> 2.6.0)
      rspec-mocks (~> 2.6.0)
    rspec-core (2.6.4)
    rspec-expectations (2.6.0)
      diff-lcs (~> 1.1.2)
    rspec-mocks (2.6.0)
    rspec-rails (2.6.1)
      actionpack (~> 3.0)
      activesupport (~> 3.0)
      railties (~> 3.0)
      rspec (~> 2.6.0)
    ruby-openid (2.1.8)
    rubyzip (0.9.4)
    selenium-webdriver (2.4.0)
      childprocess (>= 0.2.1)
      ffi (>= 1.0.7)
      json_pure
      rubyzip
    silent-postgres (0.0.8)
    simple-rss (1.2.3)
    spork (0.8.5)
    term-ansicolor (1.0.6)
    test-unit (2.3.0)
    texticle (1.0.4.20101004123327)
    thor (0.14.6)
    treetop (1.4.10)
      polyglot
      polyglot (>= 0.3.1)
    tzinfo (0.3.29)
    will_paginate (3.0.0)
    xml-simple (1.1.0)
    xpath (0.1.4)
      nokogiri (~> 1.3)

PLATFORMS
  ruby

DEPENDENCIES
  aasm
  artifice
  authlogic
  awesome_print (= 0.3.2)
  aws-s3
  cancan
  chronic
  cucumber (= 0.10.5)
  cucumber-rails (= 0.5.2)
  dalli
  database_cleaner
  dynamic_form
  eventmachine
  feed-normalizer
  guard-spork
  heroku
  json
  oauth
  oauth-plugin!
  opentransact
  pg
  rack (= 1.2.1)
  rack-openid
  rack-test (= 0.5.7)
  rails (= 3.0.10)
  rails_admin!
  rmagick
  rspec-rails
  ruby-openid
  silent-postgres
  spork
  test-unit (= 2.3.0)
  texticle (= 1.0.4.20101004123327)
  will_paginate (~> 3.0.pre2)
